GEM
  remote: http://rubygems.org/
  remote: http://gemcutter.org/
  remote: http://gems.github.com/
  specs:
    actionmailer (2.3.5)
      actionpack (= 2.3.5)
    actionpack (2.3.5)
      activesupport (= 2.3.5)
      rack (~> 1.0.0)
    activerecord (2.3.5)
      activesupport (= 2.3.5)
    activeresource (2.3.5)
      activesupport (= 2.3.5)
    activesupport (2.3.5)
    authlogic (2.1.3)
      activesupport
    builder (3.0.0)
    bullet (1.7.2)
    columnize (0.3.4)
    configatron (2.5.1)
      yamler (>= 0.1.0)
    configuration (1.3.1)
    cucumber (0.6.4)
      builder (>= 2.1.2)
      diff-lcs (>= 1.1.2)
      json_pure (>= 1.2.0)
      polyglot (>= 0.2.9)
      term-ansicolor (>= 1.0.4)
      treetop (>= 1.4.2)
    cucumber-rails (0.3.0)
      cucumber (>= 0.6.2)
    daemons (1.1.4)
    database_cleaner (0.6.7)
    diff-lcs (1.1.2)
    eventmachine (0.12.10)
    fastercsv (1.5.1)
    fastthread (1.0.7)
    fcgi (0.8.7)
    feed-normalizer (1.5.2)
      hpricot (>= 0.6)
      simple-rss (>= 1.1)
    gettext (2.0.4)
      locale (>= 2.0.4)
    gettext_activerecord (2.0.4)
      activerecord (>= 2.3.2)
      gettext (>= 2.0.4)
    gettext_rails (2.0.4)
      gettext_activerecord (>= 2.0.4)
      locale_rails (>= 2.0.4)
      rails (>= 2.3.2)
    haml (2.2.17)
    hoe (1.8.2)
      rake (>= 0.8.3)
      rubyforge (>= 1.0.1)
    hpricot (0.8.2)
    httpclient (2.1.5.2)
    jpmobile (0.0.6)
      actionpack (>= 2.3.2)
    jrails (0.6.0)
    json (1.2.0)
    json_pure (1.2.0)
    launchy (0.4.0)
      configuration (>= 0.0.5)
      rake (>= 0.8.1)
    linecache (0.46)
      rbx-require-relative (> 0.0.4)
    locale (2.0.4)
    locale_rails (2.0.4)
      locale (>= 2.0.4)
    maedana-ar_mailer (2.1.6.1)
    mysql (2.8.1)
    nokogiri (1.4.1)
    oauth (0.3.6)
      ruby-hmac (>= 0.3.1)
    open4 (0.9.6)
    openskip-open_id_authentication (1.0.1)
      ruby-openid (>= 2.0.4)
    openskip-repim (0.1.11)
      openskip-open_id_authentication
    openskip-skip_embedded (0.9.19)
      haml
      json
      oauth
      openskip-repim (>= 0.1.7)
    pit (0.0.6)
    polyglot (0.3.1)
    rack (1.0.1)
    rack-test (0.6.0)
      rack (>= 1.0)
    rails (2.3.5)
      actionmailer (= 2.3.5)
      actionpack (= 2.3.5)
      activerecord (= 2.3.5)
      activeresource (= 2.3.5)
      activesupport (= 2.3.5)
      rake (>= 0.8.3)
    rake (0.8.7)
    rbx-require-relative (0.0.5)
    rspec (1.3.0)
    rspec-rails (1.3.2)
      rack (>= 1.0.0)
      rspec (>= 1.3.0)
    ruby-debug (0.10.4)
      columnize (>= 0.1)
      ruby-debug-base (~> 0.10.4.0)
    ruby-debug-base (0.10.4)
      linecache (>= 0.3)
    ruby-hmac (0.3.2)
    ruby-openid (2.1.2)
    rubyforge (2.0.3)
      json_pure (>= 1.1.7)
    sanitize (1.2.0)
      nokogiri (~> 1.4.1)
    searchlogic (2.4.7)
      activerecord (>= 2.0.0)
    simple-rss (1.2.2)
    term-ansicolor (1.0.5)
    thin (1.2.11)
      daemons (>= 1.0.9)
      eventmachine (>= 0.12.6)
      rack (>= 1.0.0)
    tlsmail (0.0.1)
    treetop (1.4.9)
      polyglot (>= 0.3.1)
    uuidtools (1.0.4)
      rake (>= 0.7.3)
      rspec (>= 1.0.8)
    webrat (0.7.3)
      nokogiri (>= 1.2.0)
      rack (>= 1.0)
      rack-test (>= 0.5.3)
    will_paginate (2.3.12)
    yamler (0.1.0)

PLATFORMS
  ruby

DEPENDENCIES
  authlogic (= 2.1.3)
  bullet (= 1.7.2)
  configatron (= 2.5.1)
  cucumber-rails (>= 0.2.4)
  database_cleaner (>= 0.4.3)
  diff-lcs (= 1.1.2)
  fastercsv (= 1.5.1)
  fastthread (= 1.0.7)
  fcgi (= 0.8.7)
  feed-normalizer (= 1.5.2)
  gettext (= 2.0.4)
  gettext_activerecord (= 2.0.4)
  gettext_rails (= 2.0.4)
  haml (= 2.2.17)
  hoe (= 1.8.2)
  hpricot (= 0.8.2)
  httpclient (= 2.1.5.2)
  jpmobile (= 0.0.6)
  jrails
  json (= 1.2.0)
  json_pure (= 1.2.0)
  launchy (= 0.4.0)
  locale (= 2.0.4)
  locale_rails (= 2.0.4)
  maedana-ar_mailer (= 2.1.6.1)
  mysql (= 2.8.1)
  nokogiri (= 1.4.1)
  oauth (= 0.3.6)
  open4 (= 0.9.6)
  openskip-open_id_authentication (= 1.0.1)
  openskip-repim (= 0.1.11)
  openskip-skip_embedded (= 0.9.19)
  pit (= 0.0.6)
  rack (= 1.0.1)
  rails (= 2.3.5)
  rake (= 0.8.7)
  rspec (= 1.3.0)
  rspec-rails (= 1.3.2)
  ruby-debug
  ruby-hmac (= 0.3.2)
  ruby-openid (= 2.1.2)
  rubyforge (= 2.0.3)
  sanitize (= 1.2.0)
  searchlogic (= 2.4.7)
  simple-rss (= 1.2.2)
  thin
  tlsmail (= 0.0.1)
  uuidtools (= 1.0.4)
  webrat (>= 0.6.0)
  will_paginate (= 2.3.12)
  yamler (= 0.1.0)
